GEM
  remote: https://rubygems.org/
  specs:
    gmail (0.6.0)
      gmail_xoauth (>= 0.3.0)
      mail (>= 2.2.1)
    gmail_xoauth (0.4.2)
      oauth (>= 0.3.6)
    mail (2.7.0)
      mini_mime (>= 0.1.1)
    mini_mime (1.0.0)
    mini_portile2 (2.5.1)
    nokogiri (1.11.4)
      mini_portile2 (~> 2.5.0)
      racc (~> 1.4)
    oauth (0.5.4)
    racc (1.5.2)

PLATFORMS
  ruby

DEPENDENCIES
  gmail
  nokogiri

BUNDLED WITH
   1.15.4
